GEM
  remote: http://rubygems.org/
  specs:
    activesupport (3.2.8)
      i18n (~> 0.6)
      multi_json (~> 1.0)
    adsf (1.1.1)
      rack (>= 1.0.0)
    builder (3.1.4)
    colored (1.2)
    cri (2.3.0)
      colored (>= 1.2)
    execjs (1.4.0)
      multi_json (~> 1.0)
    fssm (0.2.9)
    haml (3.2.0.rc.1)
      tilt
    i18n (0.6.1)
    kramdown (0.14.0)
    mime-types (1.19)
    multi_json (1.3.6)
    nanoc (3.4.2)
      cri (~> 2.2)
    nokogiri (1.5.0)
    rack (1.4.1)
    rake (0.9.2.2)
    systemu (2.5.2)
    tilt (1.3.3)
    uglifier (1.3.0)
      execjs (>= 0.3.0)
      multi_json (~> 1.0, >= 1.0.2)

PLATFORMS
  ruby

DEPENDENCIES
  activesupport
  adsf
  builder
  fssm
  haml (~> 3.2.0.rc.1)
  kramdown
  mime-types
  nanoc
  nokogiri
  rake (~> 0.9.2.2)
  systemu
  uglifier
