GEM
  remote: https://rubygems.org/
  specs:
    activesupport (3.2.13)
      i18n (= 0.6.1)
      multi_json (~> 1.0)
    adsf (1.1.1)
      rack (>= 1.0.0)
    builder (3.2.0)
    colored (1.2)
    cri (2.3.0)
      colored (>= 1.2)
    execjs (1.4.0)
      multi_json (~> 1.0)
    ffi (1.8.1)
    haml (4.0.2)
      tilt
    i18n (0.6.1)
    listen (0.7.3)
    mime-types (1.23)
    multi_json (1.7.2)
    nanoc (3.6.2)
      cri (~> 2.3)
    nokogiri (1.5.9)
    posix-spawn (0.3.6)
    pygments.rb (0.5.0)
      posix-spawn (~> 0.3.6)
      yajl-ruby (~> 1.1.0)
    rack (1.5.2)
    rake (0.9.2.2)
    rb-fsevent (0.9.3)
    rb-inotify (0.9.0)
      ffi (>= 0.5.0)
    redcarpet (2.2.2)
    systemu (2.5.2)
    tilt (1.3.7)
    uglifier (2.0.1)
      execjs (>= 0.3.0)
      multi_json (~> 1.0, >= 1.0.2)
    yajl-ruby (1.1.0)

PLATFORMS
  ruby

DEPENDENCIES
  activesupport
  adsf
  builder
  haml
  listen (= 0.7.3)
  mime-types
  nanoc
  nokogiri
  pygments.rb
  rake (~> 0.9.2.2)
  rb-fsevent
  rb-inotify
  redcarpet
  systemu
  uglifier
  wdm
